Brain Vision Data Exchange Header File Version 1.0
; Written using pybv 0.5.0

[Common Infos]
Codepage=UTF-8
DataFile=sub-88015117_ses-1_task-restEO_eeg.eeg
MarkerFile=sub-88015117_ses-1_task-restEO_eeg.vmrk
DataFormat=BINARY
; Data orientation: MULTIPLEXED=ch1,pt1, ch2,pt1 ...
DataOrientation=MULTIPLEXED
NumberOfChannels=33
; Sampling interval in microseconds
SamplingInterval=2000.0

[Binary Infos]
BinaryFormat=IEEE_FLOAT_32

[Channel Infos]
; Each entry: Ch<Channel number>=<Name>,<Reference channel name>,
; <Resolution in "Unit">,<Unit>, Future extensions..
; Fields are delimited by commas, some fields might be omitted (empty).
; Commas in channel names are coded as "\1".
Ch1=Fp1,,0.1,µV
Ch2=Fp2,,0.1,µV
Ch3=F7,,0.1,µV
Ch4=F3,,0.1,µV
Ch5=Fz,,0.1,µV
Ch6=F4,,0.1,µV
Ch7=F8,,0.1,µV
Ch8=FC3,,0.1,µV
Ch9=FCz,,0.1,µV
Ch10=FC4,,0.1,µV
Ch11=T7,,0.1,µV
Ch12=C3,,0.1,µV
Ch13=Cz,,0.1,µV
Ch14=C4,,0.1,µV
Ch15=T8,,0.1,µV
Ch16=CP3,,0.1,µV
Ch17=CPz,,0.1,µV
Ch18=CP4,,0.1,µV
Ch19=P7,,0.1,µV
Ch20=P3,,0.1,µV
Ch21=Pz,,0.1,µV
Ch22=P4,,0.1,µV
Ch23=P8,,0.1,µV
Ch24=O1,,0.1,µV
Ch25=Oz,,0.1,µV
Ch26=O2,,0.1,µV
Ch27=VPVA,,0.1,µV
Ch28=VNVB,,0.1,µV
Ch29=HPHL,,0.1,µV
Ch30=HNHR,,0.1,µV
Ch31=Erbs,,0.1,µV
Ch32=OrbOcc,,0.1,µV
Ch33=Mass,,0.1,µV

[Comment]

